PATH
  remote: ~/Dropbox/Projects/showoff
  specs:
    showoff (0.4.2)
      bluecloth
      gli (>= 1.2.5)
      json
      nokogiri
      parslet
      sinatra

GEM
  remote: http://rubygems.org/
  specs:
    blankslate (2.1.2.4)
    bluecloth (2.1.0)
    foreman (0.19.0)
      term-ansicolor (~> 1.0.5)
      thor (>= 0.13.6)
    gli (1.3.2)
    json (1.5.3)
    nokogiri (1.5.0)
    parslet (1.2.1)
      blankslate (~> 2.0)
    rack (1.3.2)
    sinatra (1.2.6)
      rack (~> 1.1)
      tilt (>= 1.2.2, < 2.0)
    term-ansicolor (1.0.5)
    thor (0.14.6)
    tilt (1.3.2)

PLATFORMS
  ruby

DEPENDENCIES
  foreman (~> 0.19.0)
  showoff!
